GEM
  remote: https://rubygems.org/
  specs:
    activesupport (5.2.3)
      concurrent-ruby (~> 1.0, >= 1.0.2)
      i18n (>= 0.7, < 2)
      minitest (~> 5.1)
      tzinfo (~> 1.1)
    backports (3.15.0)
    coderay (1.1.2)
    concurrent-ruby (1.0.5)
    excon (0.60.0)
    faraday (0.14.0)
      multipart-post (>= 1.2, < 3)
    faraday_middleware (0.12.2)
      faraday (>= 0.7.4, < 1.0)
    hashie (3.5.7)
    i18n (0.9.4)
      concurrent-ruby (~> 1.0)
    method_source (0.9.2)
    minitest (5.11.3)
    multi_json (1.13.1)
    multipart-post (2.0.0)
    mustermann (1.0.3)
    nio4r (2.4.0)
    pry (0.12.2)
      coderay (~> 1.1.0)
      method_source (~> 0.9.0)
    puma (4.0.1)
      nio4r (~> 2.0)
    rack (2.0.6)
    rack-protection (2.0.5)
      rack
    shotgun (0.9.2)
      rack (>= 1.0)
    sinatra (2.0.5)
      mustermann (~> 1.0)
      rack (~> 2.0)
      rack-protection (= 2.0.5)
      tilt (~> 2.0)
    sinatra-contrib (2.0.5)
      backports (>= 2.8.2)
      multi_json
      mustermann (~> 1.0)
      rack-protection (= 2.0.5)
      sinatra (= 2.0.5)
      tilt (>= 1.3, < 3)
    thread_safe (0.3.6)
    tilt (2.0.9)
    tzinfo (1.2.5)
      thread_safe (~> 0.1)
    wikidata-client (0.0.12)
      excon (~> 0.40)
      faraday (~> 0.9)
      faraday_middleware (~> 0.9)
      hashie (~> 3.3)

PLATFORMS
  ruby

DEPENDENCIES
  activesupport (~> 5.2, >= 5.2.3)
  i18n (~> 0.9.4)
  pry (~> 0.12.2)
  puma (~> 4.0, >= 4.0.1)
  shotgun (~> 0.9.2)
  sinatra (~> 2.0.5)
  sinatra-contrib (~> 2.0, >= 2.0.5)
  wikidata-client (~> 0.0.12)

BUNDLED WITH
   1.16.2
